FRAMEWORK: NET45
NUGET
  remote: https://www.nuget.org/api/v2
  specs:
    FluentAssertions (4.2.2)
    Microsoft.ApplicationInsights (1.2.0)
    Microsoft.ApplicationInsights.Agent.Intercept (1.2.0)
    Microsoft.ApplicationInsights.DependencyCollector (1.2.1)
      Microsoft.ApplicationInsights (1.2.0)
      Microsoft.ApplicationInsights.Agent.Intercept (>= 1.2.0)
    Microsoft.AspNet.WebApi.Client (5.2.3)
      Newtonsoft.Json (>= 6.0.4)
    Microsoft.AspNet.WebApi.Core (5.2.3)
      Microsoft.AspNet.WebApi.Client (>= 5.2.3)
    Microsoft.AspNet.WebApi.Owin (5.2.3)
      Microsoft.AspNet.WebApi.Core (>= 5.2.3 < 5.3.0)
      Microsoft.Owin (>= 2.0.2)
      Owin (>= 1.0)
    Microsoft.AspNet.WebApi.OwinSelfHost (5.2.3)
      Microsoft.AspNet.WebApi.Owin (>= 5.2.3 < 5.3.0)
      Microsoft.Owin.Host.HttpListener (>= 2.0.2)
      Microsoft.Owin.Hosting (>= 2.0.2)
    Microsoft.Owin (2.0.2)
      Owin (>= 1.0)
    Microsoft.Owin.Diagnostics (2.0.2)
      Microsoft.Owin (>= 2.0.2)
      Owin (>= 1.0)
    Microsoft.Owin.Host.HttpListener (3.0.1)
    Microsoft.Owin.Hosting (2.0.2)
      Microsoft.Owin (>= 2.0.2)
      Owin (>= 1.0)
    Microsoft.Owin.SelfHost (2.0.2)
      Microsoft.Owin (>= 2.0.2)
      Microsoft.Owin.Diagnostics (>= 2.0.2)
      Microsoft.Owin.Host.HttpListener (>= 2.0.2)
      Microsoft.Owin.Hosting (>= 2.0.2)
      Owin (>= 1.0)
    Moq (4.2.1510.2205)
    Newtonsoft.Json (7.0.1)
    Owin (1.0)
    xunit (2.1.0)
      xunit.assert (2.1.0)
      xunit.core (2.1.0)
    xunit.abstractions (2.0.0)
    xunit.assert (2.1.0)
    xunit.core (2.1.0)
      xunit.extensibility.core (2.1.0)
      xunit.extensibility.execution (2.1.0)
    xunit.extensibility.core (2.1.0)
      xunit.abstractions (2.0.0)
    xunit.extensibility.execution (2.1.0)
      xunit.extensibility.core (2.1.0)
    xunit.runner.console (2.1.0)
