REDIRECTS: ON
FRAMEWORK: NET45, NET452
NUGET
  remote: https://www.nuget.org/api/v2
  specs:
    FluentAssertions (4.2.2)
    Microsoft.ApplicationInsights (2.0)
    Microsoft.ApplicationInsights.Agent.Intercept (1.2.1)
    Microsoft.ApplicationInsights.DependencyCollector (2.0)
      Microsoft.ApplicationInsights (2.0)
      Microsoft.ApplicationInsights.Agent.Intercept (>= 1.2.1)
    Microsoft.ApplicationInsights.PerfCounterCollector (2.0)
      Microsoft.ApplicationInsights (2.0)
    Microsoft.ApplicationInsights.Web (2.0)
      Microsoft.ApplicationInsights (2.0)
      Microsoft.ApplicationInsights.WindowsServer (>= 2.0)
    Microsoft.ApplicationInsights.WindowsServer (2.0)
      Microsoft.ApplicationInsights (2.0)
      Microsoft.ApplicationInsights.DependencyCollector (>= 2.0)
      Microsoft.ApplicationInsights.PerfCounterCollector (>= 2.0)
      Microsoft.ApplicationInsights.WindowsServer.TelemetryChannel (2.0)
    Microsoft.ApplicationInsights.WindowsServer.TelemetryChannel (2.0)
      Microsoft.ApplicationInsights (2.0)
    Microsoft.AspNet.WebApi.Client (5.2.3)
      Newtonsoft.Json (>= 6.0.4)
    Microsoft.AspNet.WebApi.Core (5.2.3)
      Microsoft.AspNet.WebApi.Client (>= 5.2.3)
    Microsoft.AspNet.WebApi.Owin (5.2.3)
      Microsoft.AspNet.WebApi.Core (>= 5.2.3 < 5.3)
      Microsoft.Owin (>= 2.0.2)
      Owin (>= 1.0)
    Microsoft.AspNet.WebApi.OwinSelfHost (5.2.3)
      Microsoft.AspNet.WebApi.Owin (>= 5.2.3 < 5.3)
      Microsoft.Owin.Host.HttpListener (>= 2.0.2)
      Microsoft.Owin.Hosting (>= 2.0.2)
    Microsoft.Owin (2.0.2)
      Owin (>= 1.0)
    Microsoft.Owin.Diagnostics (2.0.2)
      Microsoft.Owin (>= 2.0.2)
      Owin (>= 1.0)
    Microsoft.Owin.Host.HttpListener (3.0.1)
    Microsoft.Owin.Host.SystemWeb (2.0.2)
      Microsoft.Owin (>= 2.0.2)
      Owin (>= 1.0)
    Microsoft.Owin.Hosting (2.0.2)
      Microsoft.Owin (>= 2.0.2)
      Owin (>= 1.0)
    Microsoft.Owin.Security (2.0.2)
      Microsoft.Owin (>= 2.0.2)
      Owin (>= 1.0)
    Microsoft.Owin.Security.OAuth (2.0.2)
      Microsoft.Owin (>= 2.0.2)
      Microsoft.Owin.Security (>= 2.0.2)
      Newtonsoft.Json (>= 4.5.11)
      Owin (>= 1.0)
    Microsoft.Owin.SelfHost (2.0.2)
      Microsoft.Owin (>= 2.0.2)
      Microsoft.Owin.Diagnostics (>= 2.0.2)
      Microsoft.Owin.Host.HttpListener (>= 2.0.2)
      Microsoft.Owin.Hosting (>= 2.0.2)
      Owin (>= 1.0)
    Moq (4.2.1510.2205)
    Newtonsoft.Json (8.0.3)
    Owin (1.0)
    xunit (2.1)
      xunit.assert (2.1)
      xunit.core (2.1)
    xunit.abstractions (2.0)
    xunit.assert (2.1)
    xunit.core (2.1)
      xunit.extensibility.core (2.1)
      xunit.extensibility.execution (2.1)
    xunit.extensibility.core (2.1)
      xunit.abstractions (2.0)
    xunit.extensibility.execution (2.1)
      xunit.extensibility.core (2.1)
    xunit.runner.console (2.1)
